REDIRECTS: ON
COPY-LOCAL: TRUE
FRAMEWORK: NET452
NUGET
  remote: http://api.nuget.org/v3/index.json
    Antlr (3.5.0.2)
    bootstrap (3.0)
      jQuery (>= 1.9)
    EntityFramework (6.1.3)
    jQuery (3.1.1)
    Knockout.Validation (1.0.1)
      knockoutjs (>= 2.0)
    knockoutjs (3.4)
    Microsoft.ApplicationInsights (2.1)
    Microsoft.ApplicationInsights.Agent.Intercept (2.0.1)
    Microsoft.ApplicationInsights.DependencyCollector (2.1)
      Microsoft.ApplicationInsights (2.1)
      Microsoft.ApplicationInsights.Agent.Intercept (>= 1.2.1)
    Microsoft.ApplicationInsights.JavaScript (0.22.19-build00125)
    Microsoft.ApplicationInsights.PerfCounterCollector (2.1)
      Microsoft.ApplicationInsights (2.1)
    Microsoft.ApplicationInsights.Web (2.1)
      Microsoft.ApplicationInsights (2.1)
      Microsoft.ApplicationInsights.WindowsServer (>= 2.1)
    Microsoft.ApplicationInsights.WindowsServer (2.1)
      Microsoft.ApplicationInsights (2.1)
      Microsoft.ApplicationInsights.DependencyCollector (>= 2.1)
      Microsoft.ApplicationInsights.PerfCounterCollector (>= 2.1)
      Microsoft.ApplicationInsights.WindowsServer.TelemetryChannel (2.1)
    Microsoft.ApplicationInsights.WindowsServer.TelemetryChannel (2.1)
      Microsoft.ApplicationInsights (2.1)
    Microsoft.AspNet.Identity.Core (2.2.1)
    Microsoft.AspNet.Identity.EntityFramework (2.2.1)
      EntityFramework (>= 6.1)
      Microsoft.AspNet.Identity.Core (>= 2.2.1)
    Microsoft.AspNet.Identity.Owin (2.2.1)
      Microsoft.AspNet.Identity.Core (>= 2.2.1)
      Microsoft.Owin.Security (>= 2.1)
      Microsoft.Owin.Security.Cookies (>= 2.1)
      Microsoft.Owin.Security.OAuth (>= 2.1)
    Microsoft.AspNet.Mvc (5.2.3)
      Microsoft.AspNet.Razor (>= 3.2.3 < 3.3)
      Microsoft.AspNet.WebPages (>= 3.2.3 < 3.3)
    Microsoft.AspNet.Razor (3.2.3)
    Microsoft.AspNet.Web.Optimization (1.1.3)
      Microsoft.Web.Infrastructure (>= 1.0)
      WebGrease (>= 1.5.2)
    Microsoft.AspNet.WebApi (5.2.3)
      Microsoft.AspNet.WebApi.WebHost (>= 5.2.3 < 5.3)
    Microsoft.AspNet.WebApi.Client (5.2.3)
      Newtonsoft.Json (>= 6.0.4)
    Microsoft.AspNet.WebApi.Core (5.2.3)
      Microsoft.AspNet.WebApi.Client (>= 5.2.3)
    Microsoft.AspNet.WebApi.HelpPage (5.2.3)
      Microsoft.AspNet.Mvc (>= 5.2.3 < 5.3)
      Microsoft.AspNet.Razor (>= 3.2.3 < 3.3)
      Microsoft.AspNet.WebApi.WebHost (>= 5.2.3 < 5.3)
    Microsoft.AspNet.WebApi.Owin (5.2.3)
      Microsoft.AspNet.WebApi.Core (>= 5.2.3 < 5.3)
      Microsoft.Owin (>= 2.0.2)
      Owin (>= 1.0)
    Microsoft.AspNet.WebApi.WebHost (5.2.3)
      Microsoft.AspNet.WebApi.Core (>= 5.2.3 < 5.3)
    Microsoft.AspNet.WebPages (3.2.3)
      Microsoft.AspNet.Razor (>= 3.2.3 < 3.3)
      Microsoft.Web.Infrastructure (>= 1.0)
    Microsoft.CodeDom.Providers.DotNetCompilerPlatform (1.0)
      Microsoft.Net.Compilers (>= 1.0)
    Microsoft.Net.Compilers (1.3.2)
    Microsoft.Owin (3.0.1)
      Owin (>= 1.0)
    Microsoft.Owin.Host.SystemWeb (3.0.1)
      Microsoft.Owin (>= 3.0.1)
      Owin (>= 1.0)
    Microsoft.Owin.Security (3.0.1)
      Microsoft.Owin (>= 3.0.1)
      Owin (>= 1.0)
    Microsoft.Owin.Security.Cookies (3.0.1)
      Microsoft.Owin (>= 3.0.1)
      Microsoft.Owin.Security (>= 3.0.1)
      Owin (>= 1.0)
    Microsoft.Owin.Security.Facebook (3.0.1)
      Microsoft.Owin (>= 3.0.1)
      Microsoft.Owin.Security (>= 3.0.1)
      Newtonsoft.Json (>= 6.0.4)
      Owin (>= 1.0)
    Microsoft.Owin.Security.Google (3.0.1)
      Microsoft.Owin (>= 3.0.1)
      Microsoft.Owin.Security (>= 3.0.1)
      Newtonsoft.Json (>= 6.0.4)
      Owin (>= 1.0)
    Microsoft.Owin.Security.MicrosoftAccount (3.0.1)
      Microsoft.Owin (>= 3.0.1)
      Microsoft.Owin.Security (>= 3.0.1)
      Newtonsoft.Json (>= 6.0.4)
      Owin (>= 1.0)
    Microsoft.Owin.Security.OAuth (3.0.1)
      Microsoft.Owin (>= 3.0.1)
      Microsoft.Owin.Security (>= 3.0.1)
      Newtonsoft.Json (>= 6.0.4)
      Owin (>= 1.0)
    Microsoft.Owin.Security.Twitter (3.0.1)
      Microsoft.Owin (>= 3.0.1)
      Microsoft.Owin.Security (>= 3.0.1)
      Newtonsoft.Json (>= 6.0.4)
      Owin (>= 1.0)
    Microsoft.Web.Infrastructure (1.0)
    Modernizr (2.6.2)
    Newtonsoft.Json (9.0.1)
    Owin (1.0)
    Respond (1.2)
    Sammy.js (0.7.4)
      jQuery (>= 1.4.1)
    WebGrease (1.6)
      Antlr (>= 3.4.1.9004)
      Newtonsoft.Json (>= 5.0.4)
